GEM
  remote: https://rubygems.org/
  specs:
    colorize (0.8.1)

PLATFORMS
  x86_64-linux

DEPENDENCIES
  colorize (~> 0.8.1)
  rainbow >= 3.0.0, ~> 3.0
  rmagick >= 2.16.0, ~> 2.16  

BUNDLED WITH
   2.2.15
